GEM
  remote: https://rubygems.org/
  specs:
    activemodel (4.2.4)
      activesupport (= 4.2.4)
      builder (~> 3.1)
    activesupport (4.2.4)
      i18n (~> 0.7)
      json (~> 1.7, >= 1.7.7)
      minitest (~> 5.1)
      thread_safe (~> 0.3, >= 0.3.4)
      tzinfo (~> 1.1)
    bson (3.2.6)
    builder (3.2.2)
    coderay (1.1.0)
    em-websocket (0.5.1)
      eventmachine (>= 0.12.9)
      http_parser.rb (~> 0.6.0)
    event_emitter (0.2.5)
    eventmachine (1.0.8)
    ffi (1.9.10)
    http_parser.rb (0.6.0)
    httparty (0.13.7)
      json (~> 1.8)
      multi_xml (>= 0.5.2)
    httpclient (2.7.0.1)
    i18n (0.7.0)
    json (1.8.3)
    libnotify (0.9.1)
      ffi (>= 1.0.11)
    method_source (0.8.2)
    minitest (5.8.2)
    mongo (2.1.2)
      bson (~> 3.0)
    mongoid (5.0.1)
      activemodel (~> 4.0)
      mongo (~> 2.1)
      origin (~> 2.1)
      tzinfo (>= 0.3.37)
    multi_json (1.11.2)
    multi_xml (0.5.5)
    origin (2.1.1)
    pg (0.18.3)
    pry (0.10.3)
      coderay (~> 1.1.0)
      method_source (~> 0.8.1)
      slop (~> 3.4)
    pusher (0.15.1)
      httpclient (~> 2.5)
      multi_json (~> 1.0)
      pusher-signature (~> 0.1.8)
    pusher-signature (0.1.8)
    serialport (1.3.1)
    slop (3.6.0)
    socket.io-client-simple (1.1.3)
      event_emitter
      httparty
      json
      websocket-client-simple (>= 0.2.1)
    terminal-notifier (1.6.3)
    thread_safe (0.3.5)
    tzinfo (1.2.2)
      thread_safe (~> 0.1)
    websocket (1.2.2)
    websocket-client-simple (0.2.3)
      event_emitter
      websocket

PLATFORMS
  ruby

DEPENDENCIES
  activesupport
  em-websocket
  json
  libnotify
  mongoid
  pg
  pry
  pusher
  serialport
  socket.io-client-simple
  terminal-notifier
