GEM
  remote: https://rubygems.org/
  specs:
    coderay (1.1.0)
    em-websocket (0.5.1)
      eventmachine (>= 0.12.9)
      http_parser.rb (~> 0.6.0)
    eventmachine (1.0.8)
    ffi (1.9.10)
    http_parser.rb (0.6.0)
    json (1.8.3)
    libnotify (0.9.1)
      ffi (>= 1.0.11)
    method_source (0.8.2)
    pry (0.10.3)
      coderay (~> 1.1.0)
      method_source (~> 0.8.1)
      slop (~> 3.4)
    serialport (1.3.1)
    slop (3.6.0)
    sqlite3 (1.3.11)
    terminal-notifier (1.6.3)

PLATFORMS
  ruby

DEPENDENCIES
  em-websocket
  json
  libnotify
  pry
  serialport
  sqlite3
  terminal-notifier

BUNDLED WITH
   1.10.6
