GEM
  remote: https://rubygems.org/
  specs:
    em-websocket (0.5.1)
      eventmachine (>= 0.12.9)
      http_parser.rb (~> 0.6.0)
    eventmachine (1.0.8)
    ffi (1.9.10)
    http_parser.rb (0.6.0)
    json (1.8.3)
    libnotify (0.9.1)
      ffi (>= 1.0.11)
    serialport (1.3.1)
    sqlite3 (1.3.11)

PLATFORMS
  ruby

DEPENDENCIES
  em-websocket
  json
  libnotify
  serialport
  sqlite3
