GEM
  remote: https://rubygems.org/
  specs:
    em-websocket (0.5.1)
      eventmachine (>= 0.12.9)
      http_parser.rb (~> 0.6.0)
    eventmachine (1.0.8)
    http_parser.rb (0.6.0)
    json (1.8.3)
    serialport (1.3.1)
    sqlite3 (1.3.11)
    terminal-notifier (1.6.3)

PLATFORMS
  ruby

DEPENDENCIES
  em-websocket
  json
  serialport
  sqlite3
  terminal-notifier

BUNDLED WITH
   1.10.6
